GEM
  remote: https://rubygems.org/
  specs:
    addressable (2.4.0)
    backports (3.6.8)
    ethon (0.10.1)
      ffi (>= 1.3.0)
    faraday (0.10.1)
      multipart-post (>= 1.2, < 3)
    faraday_middleware (0.10.1)
      faraday (>= 0.7.4, < 1.0)
    ffi (1.9.14)
    gh (0.15.0)
      addressable (~> 2.4.0)
      backports
      faraday (~> 0.8)
      multi_json (~> 1.0)
      net-http-persistent (~> 2.9)
      net-http-pipeline
    highline (1.6.20)
    json (2.0.2)
    json_pure (1.8.1)
    launchy (2.4.3)
      addressable (~> 2.3)
    mime-types (1.25.1)
    multi_json (1.12.1)
    multipart-post (2.0.0)
    net-http-persistent (2.9.4)
    net-http-pipeline (1.0.1)
    package_cloud (0.2.40)
      highline (= 1.6.20)
      json_pure (= 1.8.1)
      rainbow (= 2.1.0)
      rest-client (~> 1.6.7)
      thor (~> 0.18)
    pusher-client (0.6.2)
      json
      websocket (~> 1.0)
    rainbow (2.1.0)
    rest-client (1.6.9)
      mime-types (~> 1.16)
    thor (0.19.4)
    travis (1.8.5)
      backports
      faraday (~> 0.9)
      faraday_middleware (~> 0.9, >= 0.9.1)
      gh (~> 0.13)
      highline (~> 1.6)
      launchy (~> 2.1)
      pusher-client (~> 0.4)
      typhoeus (~> 0.6, >= 0.6.8)
    typhoeus (0.8.0)
      ethon (>= 0.8.0)
    websocket (1.2.3)

PLATFORMS
  ruby

DEPENDENCIES
  package_cloud
  travis

RUBY VERSION
   ruby 2.3.1p112

BUNDLED WITH
   1.13.7
